GIT
  remote: git://github.com/jeremyevans/sequel.git
  revision: b82dad30c3ec052697b4885c19b934711101eafa
  specs:
    sequel (3.33.0)

GEM
  remote: http://rubygems.org/
  specs:
    ansi (1.4.1)
    archive-tar-minitar (0.5.2)
    backports (2.3.0)
    beanstalk-client (1.1.1)
    braintree (2.13.2)
      builder (>= 2.0.0)
    builder (3.0.0)
    columnize (0.3.6)
    daemons (1.1.6)
    eventmachine (0.12.10)
    json_pure (1.6.5)
    linecache19 (0.5.12)
      ruby_core_source (>= 0.1.4)
    newrelic_rpm (3.3.2)
    pg (0.12.2)
    rack (1.3.5)
    rack-protection (1.2.0)
      rack
    rack-test (0.6.1)
      rack (>= 1.0)
    ruby-debug-base19 (0.11.25)
      columnize (>= 0.3.1)
      linecache19 (>= 0.5.11)
      ruby_core_source (>= 0.1.4)
    ruby-debug19 (0.11.6)
      columnize (>= 0.3.1)
      linecache19 (>= 0.5.11)
      ruby-debug-base19 (>= 0.11.19)
    ruby_core_source (0.1.5)
      archive-tar-minitar (>= 0.5.2)
    sinatra (1.3.1)
      rack (~> 1.3, >= 1.3.4)
      rack-protection (~> 1.1, >= 1.1.2)
      tilt (~> 1.3, >= 1.3.3)
    sinatra-contrib (1.3.1)
      backports (>= 2.0)
      eventmachine
      rack-protection
      rack-test
      sinatra (~> 1.3.0)
      tilt (~> 1.3)
    stalker (0.9.0)
      beanstalk-client
      json_pure
    thin (1.3.1)
      daemons (>= 1.0.9)
      eventmachine (>= 0.12.6)
      rack (>= 1.0.0)
    tilt (1.3.3)
    turn (0.8.3)
      ansi
    yajl-ruby (1.1.0)

PLATFORMS
  ruby

DEPENDENCIES
  braintree
  newrelic_rpm
  pg
  rack (= 1.3.5)
  rack-test
  ruby-debug19
  sequel!
  sinatra
  sinatra-contrib
  stalker
  thin
  turn
  yajl-ruby
