GIT
  remote: git://github.com/jeremyevans/sequel.git
  revision: 2183965f9384cb0384f22075a849883ca4bb0d02
  specs:
    sequel (3.34.1)

GEM
  remote: http://rubygems.org/
  specs:
    ansi (1.4.2)
    archive-tar-minitar (0.5.2)
    beanstalk-client (1.1.1)
    braintree (2.14.0)
      builder (>= 2.0.0)
    builder (3.0.0)
    columnize (0.3.6)
    instruments (0.0.4)
    json_pure (1.6.6)
    kgio (2.7.4)
    linecache19 (0.5.12)
      ruby_core_source (>= 0.1.4)
    minitest (2.11.4)
    pg (0.13.2)
    rack (1.4.1)
    rack-protection (1.2.0)
      rack
    rack-test (0.6.1)
      rack (>= 1.0)
    raindrops (0.8.0)
    ruby-debug-base19 (0.11.25)
      columnize (>= 0.3.1)
      linecache19 (>= 0.5.11)
      ruby_core_source (>= 0.1.4)
    ruby-debug19 (0.11.6)
      columnize (>= 0.3.1)
      linecache19 (>= 0.5.11)
      ruby-debug-base19 (>= 0.11.19)
    ruby_core_source (0.1.5)
      archive-tar-minitar (>= 0.5.2)
    scrolls (0.0.8)
    sinatra (1.3.2)
      rack (~> 1.3, >= 1.3.6)
      rack-protection (~> 1.2)
      tilt (~> 1.3, >= 1.3.3)
    stalker (0.9.0)
      beanstalk-client
      json_pure
    tilt (1.3.3)
    turn (0.9.4)
      ansi
    unicorn (4.2.1)
      kgio (~> 2.6)
      rack
      raindrops (~> 0.7)
    yajl-ruby (1.1.0)

PLATFORMS
  ruby

DEPENDENCIES
  braintree (= 2.14.0)
  instruments (= 0.0.4)
  minitest
  pg (= 0.13.2)
  rack (= 1.4.1)
  rack-test
  ruby-debug19
  scrolls (= 0.0.8)
  sequel!
  sinatra (= 1.3.2)
  stalker (= 0.9.0)
  turn
  unicorn (= 4.2.1)
  yajl-ruby (= 1.1.0)
