GEM
  remote: http://rubygems.org/
  specs:
    ansi (1.3.0)
    daemons (1.1.4)
    eventmachine (0.12.10)
    json (1.5.3)
    rack (1.3.2)
    rack-test (0.6.1)
      rack (>= 1.0)
    sinatra (1.2.6)
      rack (~> 1.1)
      tilt (< 2.0, >= 1.2.2)
    thin (1.2.11)
      daemons (>= 1.0.9)
      eventmachine (>= 0.12.6)
      rack (>= 1.0.0)
    tilt (1.3.2)
    turn (0.8.2)
      ansi (>= 1.2.2)

PLATFORMS
  ruby

DEPENDENCIES
  json
  rack-test
  sinatra
  thin
  turn
